GEM
  remote: http://rubygems.org/
  specs:
    addressable (2.2.8)
    coderay (1.0.9)
    dm-core (1.2.0)
      addressable (~> 2.2.6)
    fastercsv (1.5.5)
    haml (4.0.2)
      tilt
    method_source (0.8.1)
    pry (0.9.12.1)
      coderay (~> 1.0.5)
      method_source (~> 0.8)
      slop (~> 3.4)
    rack (1.5.2)
    rack-protection (1.5.0)
      rack
    rb-readline (0.5.0)
    sequel (3.47.0)
    shotgun (0.9)
      rack (>= 1.0)
    sinatra (1.4.2)
      rack (~> 1.5, >= 1.5.2)
      rack-protection (~> 1.4)
      tilt (~> 1.3, >= 1.3.4)
    slop (3.4.4)
    sqlite3 (1.3.7)
    tilt (1.4.0)
    warden (1.2.1)
      rack (>= 1.0)

PLATFORMS
  ruby

DEPENDENCIES
  dm-core
  fastercsv
  haml
  pry
  rb-readline
  sequel
  shotgun
  sinatra
  sqlite3
  warden
