GEM
  remote: http://rubygems.org/
  specs:
    addressable (2.2.8)
    builder (3.2.0)
    dm-core (1.2.0)
      addressable (~> 2.2.6)
    haml (4.0.2)
      tilt
    json (1.7.7)
    rack (1.5.2)
    rack-protection (1.5.0)
      rack
    rb-readline (0.5.0)
    sequel (3.47.0)
    shotgun (0.9)
      rack (>= 1.0)
    sinatra (1.4.2)
      rack (~> 1.5, >= 1.5.2)
      rack-protection (~> 1.4)
      tilt (~> 1.3, >= 1.3.4)
    sqlite3 (1.3.7)
    tilt (1.4.0)
    warden (1.2.1)
      rack (>= 1.0)

PLATFORMS
  ruby

DEPENDENCIES
  builder
  dm-core
  haml
  json
  rb-readline
  sequel
  shotgun
  sinatra
  sqlite3
  warden
