GEM
  remote: http://rubygems.org/
  specs:
    addressable (2.2.6)
    coderay (1.0.9)
    dm-core (1.2.0)
      addressable (~> 2.2.6)
    haml (3.1.4)
    method_source (0.8.1)
    pry (0.9.12.1)
      coderay (~> 1.0.5)
      method_source (~> 0.8)
      slop (~> 3.4)
    rack (1.4.1)
    rack-protection (1.2.0)
      rack
    rb-readline (0.4.2)
    sequel (3.46.0)
    shotgun (0.9)
      rack (>= 1.0)
    sinatra (1.3.2)
      rack (~> 1.3, >= 1.3.6)
      rack-protection (~> 1.2)
      tilt (~> 1.3, >= 1.3.3)
    slop (3.4.4)
    tilt (1.3.3)
    warden (1.2.1)
      rack (>= 1.0)

PLATFORMS
  ruby

DEPENDENCIES
  dm-core
  haml
  pry
  rb-readline
  sequel
  shotgun
  sinatra
  warden
